PATH
  remote: .
  specs:
    database_cleaner-ldap (0.1.0)
      database_cleaner-core (~> 2.0.0.beta)
      net-ldap (~> 0.16.0)

GEM
  remote: https://rubygems.org/
  specs:
    byebug (11.1.3)
    database_cleaner-core (2.0.0.beta2)
    diff-lcs (1.4.4)
    net-ldap (0.16.3)
    rake (12.3.3)
    rspec (3.10.0)
      rspec-core (~> 3.10.0)
      rspec-expectations (~> 3.10.0)
      rspec-mocks (~> 3.10.0)
    rspec-core (3.10.0)
      rspec-support (~> 3.10.0)
    rspec-expectations (3.10.0)
      diff-lcs (>= 1.2.0, < 2.0)
      rspec-support (~> 3.10.0)
    rspec-mocks (3.10.0)
      diff-lcs (>= 1.2.0, < 2.0)
      rspec-support (~> 3.10.0)
    rspec-support (3.10.0)

PLATFORMS
  ruby

DEPENDENCIES
  byebug
  database_cleaner-ldap!
  rake (~> 12.0)
  rspec (~> 3.0)

BUNDLED WITH
   2.1.4
